GEM
  remote: https://rubygems.org/
  specs:
    curb (0.9.7)
    engtagger (0.2.1)
    mini_portile2 (2.4.0)
    nokogiri (1.10.1)
      mini_portile2 (~> 2.4.0)
    thor (0.20.3)

PLATFORMS
  ruby

DEPENDENCIES
  curb
  engtagger
  nokogiri
  thor

BUNDLED WITH
   1.16.1
