GEM
  remote: https://rubygems.org/
  specs:
    curb (0.8.5)
    engtagger (0.2.0)
    mini_portile (0.5.2)
    nokogiri (1.6.1)
      mini_portile (~> 0.5.0)
    thor (0.19.1)

PLATFORMS
  ruby

DEPENDENCIES
  curb
  engtagger
  nokogiri
  thor
