GEM
  remote: https://rubygems.org/
  specs:
    curb (0.9.10)
    engtagger (0.2.1)
    mini_portile2 (2.6.1)
    nokogiri (1.12.5)
      mini_portile2 (~> 2.6.1)
      racc (~> 1.4)
    racc (1.5.2)
    thor (0.20.3)

PLATFORMS
  ruby

DEPENDENCIES
  curb
  engtagger
  nokogiri
  thor

BUNDLED WITH
   1.16.1
