GEM
  remote: https://rubygems.org/
  specs:
    curb (0.9.4)
    engtagger (0.2.1)
    mini_portile2 (2.3.0)
    nokogiri (1.8.2)
      mini_portile2 (~> 2.3.0)
    thor (0.20.0)

PLATFORMS
  ruby

DEPENDENCIES
  curb
  engtagger
  nokogiri
  thor

BUNDLED WITH
   1.16.1
